PATH
  remote: .
  specs:
    baseirc (1.0)

GEM
  remote: http://rubygems.org/
  specs:
    rake (0.9.2.2)

PLATFORMS
  ruby

DEPENDENCIES
  baseirc!
  rake
